PATH
  remote: .
  specs:
    rann (0.2.7)
      parallel (~> 1.12, >= 1.12.0)
      ruby-graphviz (~> 1.2, >= 1.2.3)

GEM
  remote: https://rubygems.org/
  specs:
    minitest (5.10.3)
    parallel (1.12.0)
    rake (10.5.0)
    ruby-graphviz (1.2.3)

PLATFORMS
  ruby

DEPENDENCIES
  bundler (~> 1.16)
  minitest (~> 5.0)
  rake (~> 10.0)
  rann!

BUNDLED WITH
   1.16.0
